GEM
  remote: http://rubygems.org/
  specs:
    eventmachine (1.0.3-x86-mingw32)
    faye-websocket (0.7.3)
      eventmachine (>= 0.12.0)
      websocket-driver (>= 0.3.1)
    json (1.7.5)
    mime-types (2.6.2)
    rest-client (1.6.7)
      mime-types (>= 1.16)
    websocket-driver (0.3.3)

PLATFORMS
  x86-mingw32
  x86-mswin32

DEPENDENCIES
  eventmachine
  faye-websocket
  json
  rest-client
